GEM
  remote: http://rubygems.org/
  specs:
    POpen4 (0.1.4)
      Platform (>= 0.4.0)
      open4
    Platform (0.4.0)
    activesupport (3.2.9)
      i18n (~> 0.6)
      multi_json (~> 1.0)
    addressable (2.3.2)
    capybara (1.1.4)
      mime-types (>= 1.16)
      nokogiri (>= 1.3.3)
      rack (>= 1.0.0)
      rack-test (>= 0.5.4)
      selenium-webdriver (~> 2.0)
      xpath (~> 0.1.4)
    capybara-webkit (0.13.0)
      capybara (>= 1.0.0, < 1.2)
      json
    childprocess (0.3.6)
      ffi (~> 1.0, >= 1.0.6)
    chronic (0.9.0)
    dalli (2.6.0)
    delorean (2.1.0)
      chronic
    diff-lcs (1.1.3)
    facets (2.9.3)
    ffi (1.2.0)
    haml (3.1.7)
    i18n (0.6.1)
    jsmin (1.0.1)
    json (1.7.5)
    libwebsocket (0.1.7.1)
      addressable
      websocket
    mime-types (1.19)
    multi_json (1.5.0)
    nokogiri (1.5.6)
    open4 (1.3.0)
    puma (1.6.3)
      rack (~> 1.2)
    rack (1.4.1)
    rack-cache (1.2)
      rack (>= 0.4)
    rack-protection (1.3.2)
      rack
    rack-test (0.6.2)
      rack (>= 1.0)
    rake (10.0.3)
    redcarpet (2.2.2)
    rspec (2.12.0)
      rspec-core (~> 2.12.0)
      rspec-expectations (~> 2.12.0)
      rspec-mocks (~> 2.12.0)
    rspec-core (2.12.2)
    rspec-expectations (2.12.1)
      diff-lcs (~> 1.1.3)
    rspec-mocks (2.12.1)
    rubyzip (0.9.9)
    selenium-webdriver (2.27.2)
      childprocess (>= 0.2.5)
      libwebsocket (~> 0.1.3)
      multi_json (~> 1.0)
      rubyzip
    simple-navigation (3.9.0)
      activesupport (>= 2.3.2)
    sinatra (1.3.3)
      rack (~> 1.3, >= 1.3.6)
      rack-protection (~> 1.2)
      tilt (~> 1.3, >= 1.3.3)
    sinatra-assetpack (0.0.11)
      jsmin
      rack-test
      sinatra
      tilt (>= 1.3.0)
    sinatra-simple-navigation (3.5.1)
      simple-navigation (>= 3.5.0)
    tilt (1.3.3)
    websocket (1.0.6)
    xpath (0.1.4)
      nokogiri (~> 1.3)
    yui-compressor (0.9.6)
      POpen4 (>= 0.1.4)

PLATFORMS
  ruby

DEPENDENCIES
  activesupport
  capybara
  capybara-webkit
  dalli
  delorean
  facets
  haml
  i18n
  puma
  rack-cache
  rack-test
  rake
  redcarpet
  rspec
  sinatra
  sinatra-assetpack
  sinatra-simple-navigation
  yui-compressor
